GEM
  remote: https://rubygems.org/
  specs:
    ZenTest (4.8.2)
    activeresource (2.3.8)
      activesupport (= 2.3.8)
    activesupport (2.3.8)
    autotest (4.4.6)
      ZenTest (>= 4.4.1)
    fakeweb (1.3.0)
    metaclass (0.0.1)
    mocha (0.13.0)
      metaclass (~> 0.0.1)
    shoulda (3.0.1)
      shoulda-context (~> 1.0.0)
      shoulda-matchers (~> 1.0.0)
    shoulda-context (1.0.1)
    shoulda-matchers (1.0.0)

PLATFORMS
  ruby

DEPENDENCIES
  activeresource
  activesupport (= 2.3.8)
  autotest
  fakeweb
  mocha
  shoulda
